FRAMEWORK: >= NET40
NUGET
  remote: https://www.nuget.org/api/v2
  specs:
    FAKE (4.21.4)
    FSharp.Core (3.1.2.5)
    Suave (1.1.1)
      FSharp.Core (>= 3.1.2.5)
